GEM
  remote: https://rubygems.org/
  specs:
    dotenv (3.1.2)
    nio4r (2.7.3)
    puma (5.6.8)
      nio4r (~> 2.0)
    rack (2.2.9)

PLATFORMS
  x86_64-linux

DEPENDENCIES
  dotenv
  puma
  rack

BUNDLED WITH
   2.2.3
